PATH
  remote: .
  specs:
    tcc (0.1)
      faraday (~> 0.9)
      hashie (~> 1.0)
      json

GEM
  remote: http://rubygems.org/
  specs:
    byebug (3.5.1)
      columnize (~> 0.8)
      debugger-linecache (~> 1.2)
      slop (~> 3.6)
    columnize (0.8.9)
    debugger-linecache (1.2.0)
    faraday (0.9.0)
      multipart-post (>= 1.2, < 3)
    hashie (1.2.0)
    json (1.8.1)
    multipart-post (2.0.0)
    rake (10.4.0)
    slop (3.6.0)

PLATFORMS
  ruby

DEPENDENCIES
  byebug
  rake
  tcc!
